NUGET
  remote: https://nuget.org/api/v2
  specs:
    FAKE (4.0.2)
    FSharp.Compiler.Service (1.4.0.1)
    FSharp.Core (3.1.2.5)
    FSharp.Formatting (2.10.0)
      FSharp.Compiler.Service (>= 0.0.87)
      FSharpVSPowerTools.Core (1.8.0)
    FSharpVSPowerTools.Core (1.8.0)
      FSharp.Compiler.Service (>= 0.0.87)
    Mono.Cecil (0.9.6.1)
    NuGet.CommandLine (2.8.6)
    NUnit (2.6.4)
    NUnit.Runners (2.6.4)
    Unquote (3.0.0)
